PATH
  remote: .
  specs:
    validates_serialized (0.0.8)
      activemodel (>= 3.0, < 5.0)

GEM
  remote: https://rubygems.org/
  specs:
    activemodel (4.2.0)
      activesupport (= 4.2.0)
      builder (~> 3.1)
    activesupport (4.2.0)
      i18n (~> 0.7)
      json (~> 1.7, >= 1.7.7)
      minitest (~> 5.1)
      thread_safe (~> 0.3, >= 0.3.4)
      tzinfo (~> 1.1)
    builder (3.2.2)
    coderay (1.1.1)
    diff-lcs (1.2.5)
    i18n (0.7.0)
    json (1.8.2)
    method_source (0.8.2)
    minitest (5.5.1)
    pry (0.10.4)
      coderay (~> 1.1.0)
      method_source (~> 0.8.1)
      slop (~> 3.4)
    rake (10.4.2)
    rspec (2.99.0)
      rspec-core (~> 2.99.0)
      rspec-expectations (~> 2.99.0)
      rspec-mocks (~> 2.99.0)
    rspec-core (2.99.2)
    rspec-expectations (2.99.2)
      diff-lcs (>= 1.1.3, < 2.0)
    rspec-mocks (2.99.2)
    slop (3.6.0)
    sqlite3 (1.3.10)
    thread_safe (0.3.4)
    tzinfo (1.2.2)
      thread_safe (~> 0.1)

PLATFORMS
  ruby

DEPENDENCIES
  bundler (~> 1.5)
  pry
  rake (~> 10.1)
  rspec (~> 2.6)
  sqlite3 (~> 1.3)
  validates_serialized!
